PATH
  remote: .
  specs:
    ddtrace (0.1.4)

GEM
  remote: https://rubygems.org/
  specs:
    appraisal (2.1.0)
      bundler
      rake
      thor (>= 0.14.0)
    ast (2.3.0)
    minitest (5.9.1)
    parser (2.3.1.4)
      ast (~> 2.2)
    powerpack (0.1.1)
    rainbow (2.1.0)
    rake (10.5.0)
    rubocop (0.43.0)
      parser (>= 2.3.1.1, < 3.0)
      powerpack (~> 0.1)
      rainbow (>= 1.99.1, < 3.0)
      ruby-progressbar (~> 1.7)
      unicode-display_width (~> 1.0, >= 1.0.1)
    ruby-progressbar (1.8.1)
    thor (0.19.1)
    unicode-display_width (1.1.1)

PLATFORMS
  ruby

DEPENDENCIES
  appraisal (~> 2.1)
  bundler (~> 1.12)
  ddtrace!
  minitest (~> 5.0)
  rake (~> 10.0)
  rubocop (~> 0.43)

BUNDLED WITH
   1.13.4
